GEM
  remote: https://rubygems.org/
  specs:
    ast (2.4.1)
    backports (3.12.0)
    cinch (2.3.4)
    coderay (1.1.1)
    diff-lcs (1.4.4)
    espeak-ruby (1.0.4)
    ffi (1.9.25)
    formatador (0.2.5)
    guard (2.13.0)
      formatador (>= 0.2.4)
      listen (>= 2.7, <= 4.0)
      lumberjack (~> 1.0)
      nenv (~> 0.1)
      notiffany (~> 0.0)
      pry (>= 0.9.12)
      shellany (~> 0.0)
      thor (>= 0.18.1)
    guard-compat (1.2.1)
    guard-rspec (4.6.4)
      guard (~> 2.1)
      guard-compat (~> 1.1)
      rspec (>= 2.99.0, < 4.0)
    hashie (4.1.0)
    listen (3.0.8)
      rb-fsevent (~> 0.9, >= 0.9.4)
      rb-inotify (~> 0.9, >= 0.9.7)
    lumberjack (1.0.13)
    method_source (0.8.2)
    nenv (0.3.0)
    notiffany (0.0.7)
      nenv (~> 0.1)
      shellany (~> 0.0)
    parallel (1.19.2)
    parser (2.7.2.0)
      ast (~> 2.4.1)
    pry (0.10.4)
      coderay (~> 1.1.0)
      method_source (~> 0.8.1)
      slop (~> 3.4)
    rainbow (3.0.0)
    rb-fsevent (0.10.3)
    rb-inotify (0.9.10)
      ffi (>= 0.5.0, < 2)
    rb-readline (0.5.5)
    regexp_parser (1.8.1)
    rexml (3.2.4)
    rspec (3.9.0)
      rspec-core (~> 3.9.0)
      rspec-expectations (~> 3.9.0)
      rspec-mocks (~> 3.9.0)
    rspec-core (3.9.3)
      rspec-support (~> 3.9.3)
    rspec-expectations (3.9.2)
      diff-lcs (>= 1.2.0, < 2.0)
      rspec-support (~> 3.9.0)
    rspec-mocks (3.9.1)
      diff-lcs (>= 1.2.0, < 2.0)
      rspec-support (~> 3.9.0)
    rspec-support (3.9.3)
    rubocop (0.93.0)
      parallel (~> 1.10)
      parser (>= 2.7.1.5)
      rainbow (>= 2.2.2, < 4.0)
      regexp_parser (>= 1.8)
      rexml
      rubocop-ast (>= 0.6.0)
      ruby-progressbar (~> 1.7)
      unicode-display_width (>= 1.4.0, < 2.0)
    rubocop-ast (0.7.1)
      parser (>= 2.7.1.5)
    ruby-progressbar (1.10.1)
    ruby-sox (0.0.3)
    shellany (0.0.1)
    slop (3.6.0)
    spintax_parser (0.2.2)
      backports (~> 3.3)
    text-hyphen (1.4.1)
    thor (0.20.0)
    timecop (0.9.1)
    unicode-display_width (1.7.0)

PLATFORMS
  ruby

DEPENDENCIES
  cinch
  espeak-ruby
  guard-rspec
  hashie
  rb-readline
  rspec
  rubocop
  ruby-sox
  spintax_parser
  text-hyphen
  timecop

BUNDLED WITH
   1.17.3
